GIT
  remote: https://github.com/jekyll/jekyll.git
  revision: 6576527da4c1c7414b790519a099d642553b6f39
  ref: refs/pull/9248/head
  specs:
    jekyll (4.3.1)
      addressable (~> 2.4)
      colorator (~> 1.0)
      em-websocket (~> 0.5)
      i18n (~> 1.0)
      jekyll-sass-converter (>= 2.0, < 4.0)
      jekyll-watch (~> 2.0)
      kramdown (~> 2.3, >= 2.3.1)
      kramdown-parser-gfm (~> 1.0)
      liquid (~> 4.0)
      mercenary (>= 0.3.6, < 0.5)
      pathutil (~> 0.9)
      rouge (>= 3.0, < 5.0)
      safe_yaml (~> 1.0)
      terminal-table (>= 1.8, < 4.0)
      webrick (~> 1.7)

GIT
  remote: https://github.com/just-the-docs/just-the-docs.git
  revision: c296f914afc76e08caec712f35c72a176c0b1e64
  specs:
    just-the-docs (0.4.0.rc4)
      jekyll (>= 3.8.5)
      jekyll-seo-tag (>= 2.0)
      rake (>= 12.3.1)

GEM
  remote: https://rubygems.org/
  specs:
    addressable (2.8.1)
      public_suffix (>= 2.0.2, < 6.0)
    colorator (1.1.0)
    concurrent-ruby (1.1.10)
    em-websocket (0.5.3)
      eventmachine (>= 0.12.9)
      http_parser.rb (~> 0)
    eventmachine (1.2.7)
    ffi (1.15.5)
    forwardable-extended (2.6.0)
    google-protobuf (3.21.12)
    http_parser.rb (0.8.0)
    i18n (1.12.0)
      concurrent-ruby (~> 1.0)
    jekyll-feed (0.17.0)
      jekyll (>= 3.7, < 5.0)
    jekyll-latex (1.1.0)
      polytexnic (~> 1.6)
    jekyll-sass-converter (3.0.0)
      sass-embedded (~> 1.54)
    jekyll-seo-tag (2.8.0)
      jekyll (>= 3.8, < 5.0)
    jekyll-watch (2.2.1)
      listen (~> 3.0)
    json (2.3.1)
    kramdown (2.4.0)
      rexml
    kramdown-parser-gfm (1.1.0)
      kramdown (~> 2.0)
    liquid (4.0.3)
    listen (3.8.0)
      rb-fsevent (~> 0.10, >= 0.10.3)
      rb-inotify (~> 0.9, >= 0.9.10)
    mercenary (0.4.0)
    mini_portile2 (2.8.1)
    msgpack (1.2.10)
    nokogiri (1.13.10)
      mini_portile2 (~> 2.8.0)
      racc (~> 1.4)
    pathutil (0.16.2)
      forwardable-extended (~> 2.6)
    polytexnic (1.8.0)
      json (~> 2.3.0)
      kramdown (>= 2.0, < 3.0)
      msgpack (~> 1.2.0)
      nokogiri (>= 1.6.0, < 2.0)
      pygments.rb (~> 2.1)
    public_suffix (5.0.1)
    pygments.rb (2.3.1)
    racc (1.6.2)
    rake (13.0.6)
    rb-fsevent (0.11.2)
    rb-inotify (0.10.1)
      ffi (~> 1.0)
    rexml (3.2.5)
    rouge (4.0.1)
    safe_yaml (1.0.5)
    sass-embedded (1.57.1-arm64-darwin)
      google-protobuf (~> 3.21)
    terminal-table (3.0.2)
      unicode-display_width (>= 1.1.1, < 3)
    unicode-display_width (2.4.2)
    webrick (1.7.0)

PLATFORMS
  arm64-darwin-22

DEPENDENCIES
  http_parser.rb (~> 0.6.0)
  jekyll!
  jekyll-feed (~> 0.12)
  jekyll-latex
  jekyll-seo-tag
  just-the-docs!
  tzinfo (>= 1, < 3)
  tzinfo-data
  wdm (~> 0.1.1)

BUNDLED WITH
   2.3.24
